GEM
  remote: https://rubygems.org/
  specs:
    rake (13.0.6)
    zeitwerk (2.6.0)

PLATFORMS
  arm64-darwin-21

DEPENDENCIES
  rake (~> 13.0.6)
  zeitwerk (~> 2.6.0)

RUBY VERSION
   ruby 3.1.2p20

BUNDLED WITH
   2.3.14
